GEM
  remote: https://rubygems.org/
  specs:
    actioncable (8.0.1)
      actionpack (= 8.0.1)
      activesupport (= 8.0.1)
      nio4r (~> 2.0)
      websocket-driver (>= 0.6.1)
      zeitwerk (~> 2.6)
    actionmailbox (8.0.1)
      actionpack (= 8.0.1)
      activejob (= 8.0.1)
      activerecord (= 8.0.1)
      activestorage (= 8.0.1)
      activesupport (= 8.0.1)
      mail (>= 2.8.0)
    actionmailer (8.0.1)
      actionpack (= 8.0.1)
      actionview (= 8.0.1)
      activejob (= 8.0.1)
      activesupport (= 8.0.1)
      mail (>= 2.8.0)
      rails-dom-testing (~> 2.2)
    actionpack (8.0.1)
      actionview (= 8.0.1)
      activesupport (= 8.0.1)
      nokogiri (>= 1.8.5)
      rack (>= 2.2.4)
      rack-session (>= 1.0.1)
      rack-test (>= 0.6.3)
      rails-dom-testing (~> 2.2)
      rails-html-sanitizer (~> 1.6)
      useragent (~> 0.16)
    actiontext (8.0.1)
      actionpack (= 8.0.1)
      activerecord (= 8.0.1)
      activestorage (= 8.0.1)
      activesupport (= 8.0.1)
      globalid (>= 0.6.0)
      nokogiri (>= 1.8.5)
    actionview (8.0.1)
      activesupport (= 8.0.1)
      builder (~> 3.1)
      erubi (~> 1.11)
      rails-dom-testing (~> 2.2)
      rails-html-sanitizer (~> 1.6)
    activejob (8.0.1)
      activesupport (= 8.0.1)
      globalid (>= 0.3.6)
    activemodel (8.0.1)
      activesupport (= 8.0.1)
    activerecord (8.0.1)
      activemodel (= 8.0.1)
      activesupport (= 8.0.1)
      timeout (>= 0.4.0)
    activestorage (8.0.1)
      actionpack (= 8.0.1)
      activejob (= 8.0.1)
      activerecord (= 8.0.1)
      activesupport (= 8.0.1)
      marcel (~> 1.0)
    activesupport (8.0.1)
      base64
      benchmark (>= 0.3)
      bigdecimal
      concurrent-ruby (~> 1.0, >= 1.3.1)
      connection_pool (>= 2.2.5)
      drb
      i18n (>= 1.6, < 2)
      logger (>= 1.4.2)
      minitest (>= 5.1)
      securerandom (>= 0.3)
      tzinfo (~> 2.0, >= 2.0.5)
      uri (>= 0.13.1)
    addressable (2.8.7)
      public_suffix (>= 2.0.2, < 7.0)
    ast (2.4.2)
    base64 (0.2.0)
    benchmark (0.4.0)
    bigdecimal (3.1.8)
    bootsnap (1.18.4)
      msgpack (~> 1.2)
    builder (3.3.0)
    capybara (3.40.0)
      addressable
      matrix
      mini_mime (>= 0.1.3)
      nokogiri (~> 1.11)
      rack (>= 1.6.0)
      rack-test (>= 0.6.3)
      regexp_parser (>= 1.5, < 3.0)
      xpath (~> 3.2)
    concurrent-ruby (1.3.4)
    connection_pool (2.4.1)
    crack (1.0.0)
      bigdecimal
      rexml
    crass (1.0.6)
    date (3.4.1)
    debug (1.10.0)
      irb (~> 1.10)
      reline (>= 0.3.8)
    diff-lcs (1.5.1)
    drb (2.2.1)
    erubi (1.13.1)
    faraday (2.12.2)
      faraday-net_http (>= 2.0, < 3.5)
      json
      logger
    faraday-follow_redirects (0.3.0)
      faraday (>= 1, < 3)
    faraday-net_http (3.4.0)
      net-http (>= 0.5.0)
    globalid (1.2.1)
      activesupport (>= 6.1)
    hashdiff (1.1.1)
    i18n (1.14.6)
      concurrent-ruby (~> 1.0)
    importmap-rails (2.1.0)
      actionpack (>= 6.0.0)
      activesupport (>= 6.0.0)
      railties (>= 6.0.0)
    io-console (0.8.0)
    irb (1.14.3)
      rdoc (>= 4.0.0)
      reline (>= 0.4.2)
    json (2.9.0)
    language_server-protocol (3.17.0.3)
    logger (1.6.4)
    loofah (2.23.1)
      crass (~> 1.0.2)
      nokogiri (>= 1.12.0)
    mail (2.8.1)
      mini_mime (>= 0.1.1)
      net-imap
      net-pop
      net-smtp
    marcel (1.0.4)
    matrix (0.4.2)
    mini_mime (1.1.5)
    mini_portile2 (2.8.8)
    minitest (5.25.4)
    msgpack (1.7.2)
    net-http (0.6.0)
      uri
    net-imap (0.5.1)
      date
      net-protocol
    net-pop (0.1.2)
      net-protocol
    net-protocol (0.2.2)
      timeout
    net-smtp (0.5.0)
      net-protocol
    nio4r (2.7.4)
    nokogiri (1.17.2)
      mini_portile2 (~> 2.8.2)
      racc (~> 1.4)
    parallel (1.26.1)
    parser (3.3.4.2)
      ast (~> 2.4.1)
      racc
    propshaft (1.1.0)
      actionpack (>= 7.0.0)
      activesupport (>= 7.0.0)
      rack
      railties (>= 7.0.0)
    psych (5.2.2)
      date
      stringio
    public_suffix (6.0.1)
    puma (6.5.0)
      nio4r (~> 2.0)
    racc (1.8.1)
    rack (3.1.8)
    rack-session (2.0.0)
      rack (>= 3.0.0)
    rack-test (2.1.0)
      rack (>= 1.3)
    rackup (2.2.1)
      rack (>= 3)
    rails (8.0.1)
      actioncable (= 8.0.1)
      actionmailbox (= 8.0.1)
      actionmailer (= 8.0.1)
      actionpack (= 8.0.1)
      actiontext (= 8.0.1)
      actionview (= 8.0.1)
      activejob (= 8.0.1)
      activemodel (= 8.0.1)
      activerecord (= 8.0.1)
      activestorage (= 8.0.1)
      activesupport (= 8.0.1)
      bundler (>= 1.15.0)
      railties (= 8.0.1)
    rails-dom-testing (2.2.0)
      activesupport (>= 5.0.0)
      minitest
      nokogiri (>= 1.6)
    rails-html-sanitizer (1.6.2)
      loofah (~> 2.21)
      nokogiri (>= 1.15.7, != 1.16.7, != 1.16.6, != 1.16.5, != 1.16.4, != 1.16.3, != 1.16.2, != 1.16.1, != 1.16.0.rc1, != 1.16.0)
    railties (8.0.1)
      actionpack (= 8.0.1)
      activesupport (= 8.0.1)
      irb (~> 1.13)
      rackup (>= 1.0.0)
      rake (>= 12.2)
      thor (~> 1.0, >= 1.2.2)
      zeitwerk (~> 2.6)
    rainbow (3.1.1)
    rake (13.2.1)
    rdoc (6.10.0)
      psych (>= 4.0.0)
    regexp_parser (2.9.0)
    reline (0.6.0)
      io-console (~> 0.5)
    rexml (3.3.9)
    rspec-core (3.13.2)
      rspec-support (~> 3.13.0)
    rspec-expectations (3.13.3)
      diff-lcs (>= 1.2.0, < 2.0)
      rspec-support (~> 3.13.0)
    rspec-mocks (3.13.2)
      diff-lcs (>= 1.2.0, < 2.0)
      rspec-support (~> 3.13.0)
    rspec-rails (7.1.0)
      actionpack (>= 7.0)
      activesupport (>= 7.0)
      railties (>= 7.0)
      rspec-core (~> 3.13)
      rspec-expectations (~> 3.13)
      rspec-mocks (~> 3.13)
      rspec-support (~> 3.13)
    rspec-support (3.13.1)
    rubocop (1.65.1)
      json (~> 2.3)
      language_server-protocol (>= 3.17.0)
      parallel (~> 1.10)
      parser (>= 3.3.0.2)
      rainbow (>= 2.2.2, < 4.0)
      regexp_parser (>= 2.4, < 3.0)
      rexml (>= 3.2.5, < 4.0)
      rubocop-ast (>= 1.31.1, < 2.0)
      ruby-progressbar (~> 1.7)
      unicode-display_width (>= 2.4.0, < 3.0)
    rubocop-ast (1.32.0)
      parser (>= 3.3.1.0)
    rubocop-minitest (0.35.1)
      rubocop (>= 1.61, < 2.0)
      rubocop-ast (>= 1.31.1, < 2.0)
    rubocop-performance (1.21.1)
      rubocop (>= 1.48.1, < 2.0)
      rubocop-ast (>= 1.31.1, < 2.0)
    rubocop-rails (2.25.1)
      activesupport (>= 4.2.0)
      rack (>= 1.1)
      rubocop (>= 1.33.0, < 2.0)
      rubocop-ast (>= 1.31.1, < 2.0)
    rubocop-rails-omakase (1.0.0)
      rubocop
      rubocop-minitest
      rubocop-performance
      rubocop-rails
    ruby-progressbar (1.13.0)
    rubyzip (2.3.2)
    securerandom (0.4.1)
    selenium-webdriver (4.27.0)
      base64 (~> 0.2)
      logger (~> 1.4)
      rexml (~> 3.2, >= 3.2.5)
      rubyzip (>= 1.2.2, < 3.0)
      websocket (~> 1.0)
    stringio (3.1.2)
    thor (1.3.2)
    timeout (0.4.2)
    turbo-rails (2.0.11)
      actionpack (>= 6.0.0)
      railties (>= 6.0.0)
    tzinfo (2.0.6)
      concurrent-ruby (~> 1.0)
    unicode-display_width (2.5.0)
    uri (1.0.2)
    useragent (0.16.11)
    vcr (6.3.1)
      base64
    version_sorter (2.3.0)
    webmock (3.24.0)
      addressable (>= 2.8.0)
      crack (>= 0.3.2)
      hashdiff (>= 0.4.0, < 2.0.0)
    websocket (1.2.11)
    websocket-driver (0.7.6)
      websocket-extensions (>= 0.1.0)
    websocket-extensions (0.1.5)
    xpath (3.2.0)
      nokogiri (~> 1.8)
    zeitwerk (2.7.1)

PLATFORMS
  ruby

DEPENDENCIES
  bootsnap
  capybara
  debug
  faraday (~> 2.9)
  faraday-follow_redirects (~> 0.3.0)
  importmap-rails
  propshaft
  puma (>= 5.0)
  rails (~> 8.0.0)
  rspec-rails (~> 7.1.0)
  rubocop-rails-omakase
  selenium-webdriver
  turbo-rails
  vcr (~> 6.3.1)
  version_sorter (~> 2.3.0)
  webmock

BUNDLED WITH
   2.5.6
